ObjectType = Image
NDims = 3
BinaryData = True
BinaryDataByteOrderMSB = False
CompressedData = False
TransformMatrix = 1 0 0 0 1 0 0 0 1
Offset = -108.29692625999 -114.73175573348 -68.769378662109
CenterOfRotation = 0 0 0
AnatomicalOrientation = RPI
ElementSpacing = 2 2 1.99999999999999
DimSize = 112 112 60
ElementNumberOfChannels = 3
ElementType = MET_UCHAR
ElementDataFile = dti_eigenvector_rgb.raw
