ObjectType = Image 
NDims = 3 
BinaryData = True 
BinaryDataByteOrderMSB = False 
ElementSpacing = 1.000 1.000 1.000 
DimSize = 256 256 192 
Position = 99.184 -89.359 118.126 
Orientation = 0.000000 1.000000 0.000000 0.000000 0.000000 -1.000000 -1.000000 0.000000 0.000000
ElementType = MET_SHORT 
Modality = MET_MOD_MR
WindowLevel = 849.000
WindowWidth = 2177.000
ImageType1 = ORIGINAL
ImageType2 = PRIMARY
ImageType3 = M
ElementDataFile = MR.raw 
Creator = DICOMtoMetadataFilter