ObjectType = Image
NDims = 3
BinaryData = True
BinaryDataByteOrderMSB = False
CompressedData = False
TransformMatrix = 1 0 0 0 1 0 0 0 1
Offset = 70 -107.562 -120
CenterOfRotation = 0 0 0
AnatomicalOrientation = RAI
ElementSpacing = 0.9375 0.9375 1
DimSize = 188 247 218
ElementType = MET_USHORT
ElementDataFile = p5_brain.raw
