ObjectType = Image
NDims = 3
BinaryData = True
BinaryDataByteOrderMSB = False
CompressedData = False
TransformMatrix = 1 0 0 0 1 0 0 0 1
Offset = -84.4141 -150 50
CenterOfRotation = 0 0 0
AnatomicalOrientation = RPI
ElementSpacing = 0.898438 0.898438 3.3
DimSize = 198 230 53
ElementType = MET_UCHAR
ElementDataFile = person5_flair_byte.raw
