ObjectType = Image
NDims = 3
BinaryData = True
BinaryDataByteOrderMSB = False
CompressedData = False
TransformMatrix = 1 0 0 0 1 0 0 0 1
Offset = -98.4441 -104.973 41.5221
CenterOfRotation = 0 0 0
AnatomicalOrientation = RPI
ElementSpacing = 0.390625 0.390625 0.5
DimSize = 512 512 210
ElementType = MET_UCHAR
ElementDataFile = person5_mra_byte.raw
