ObjectType = Image
NDims = 3
BinaryData = True
BinaryDataByteOrderMSB = False
CompressedData = False
TransformMatrix = 1 0 0 0 1 0 0 0 1
Offset = -80.3711 -144.16 50
CenterOfRotation = 0 0 0
AnatomicalOrientation = RPI
ElementSpacing = 0.449219 0.449219 3.3
DimSize = 368 468 52
ElementType = MET_UCHAR
ElementDataFile = person5_t2_byte.raw
